PATH
  remote: ~/opentox-ruby/opentox-client
  specs:
    opentox-client (1.0.0pre1)
      bundler
      open4
      rdf
      rdf-n3
      rdf-raptor
      rest-client

PATH
  remote: ~/opentox-ruby/opentox-server
  specs:
    opentox-server (1.0.0pre1)
      opentox-client
      rack
      rack-contrib
      sinatra
      sinatra-contrib
      unicorn

GEM
  remote: http://rubygems.org/
  specs:
    addressable (2.3.2)
    backports (2.6.4)
    clbustos-rtf (0.4.2)
    dirty-memoize (0.0.4)
    distribution (0.7.0)
    emk-sinatra-url-for (0.2.1)
      sinatra (>= 0.9.1.1)
    eventmachine (0.12.10)
    extendmatrix (0.3.1)
    fastercsv (1.5.5)
    ffi (1.1.5)
    gsl (1.14.7)
      narray (>= 0.5.9)
    kgio (2.7.4)
    mime-types (1.19)
    minimization (0.2.1)
      text-table (~> 1.2)
    narray (0.6.0.1)
    nokogiri (1.4.7)
    open4 (1.3.0)
    openbabel (2.3.1.6)
    prawn (0.8.4)
      prawn-core (>= 0.8.4, < 0.9)
      prawn-layout (>= 0.8.4, < 0.9)
      prawn-security (>= 0.8.4, < 0.9)
    prawn-core (0.8.4)
    prawn-layout (0.8.4)
    prawn-security (0.8.4)
    prawn-svg (0.9.1.11)
      prawn (>= 0.8.4)
    rack (1.4.1)
    rack-contrib (1.1.0)
      rack (>= 0.9.1)
    rack-protection (1.2.0)
      rack
    rack-test (0.6.1)
      rack (>= 1.0)
    raindrops (0.10.0)
    rdf (0.3.8)
      addressable (>= 2.2.6)
    rdf-n3 (0.3.7)
      rdf (>= 0.3.4)
    rdf-raptor (0.4.1)
      ffi (>= 1.0)
      rdf (~> 0.3.0)
    reportbuilder (1.4.2)
      clbustos-rtf (~> 0.4.0)
      prawn (~> 0.8.4)
      prawn-svg (~> 0.9.1)
      text-table (~> 1.2)
    rest-client (1.6.7)
      mime-types (>= 1.16)
    rinruby (2.0.3)
    rjb (1.3.9)
    rserve-client (0.2.5)
    ruby-ole (1.2.11.4)
    rubyvis (0.5.2)
    sinatra (1.3.3)
      rack (~> 1.3, >= 1.3.6)
      rack-protection (~> 1.2)
      tilt (~> 1.3, >= 1.3.3)
    sinatra-contrib (1.3.1)
      backports (>= 2.0)
      eventmachine
      rack-protection
      rack-test
      sinatra (~> 1.3.0)
      tilt (~> 1.3)
    spreadsheet (0.6.9)
      ruby-ole (>= 1.0)
    statsample (1.2.0)
      dirty-memoize (~> 0.0)
      distribution (~> 0.6)
      extendmatrix (~> 0.3.1)
      fastercsv (> 0)
      minimization (~> 0.2.0)
      reportbuilder (~> 1.4)
      rserve-client (~> 0.2.5)
      rubyvis (~> 0.5)
      spreadsheet (~> 0.6.5)
      statsample-bivariate-extension (> 0)
    statsample-bivariate-extension (1.1.0)
      distribution (~> 0.6)
    text-table (1.2.2)
    tilt (1.3.3)
    unicorn (4.3.1)
      kgio (~> 2.6)
      rack
      raindrops (~> 0.7)

PLATFORMS
  ruby

DEPENDENCIES
  emk-sinatra-url-for (~> 0.2.1)
  gsl (~> 1.14)
  nokogiri (~> 1.4.4)
  openbabel (~> 2.3.1.5)
  opentox-client!
  opentox-server!
  rinruby (~> 2.0.2)
  rjb (~> 1.3.4)
  statsample (~> 1.1)
